GEM
  remote: http://rubygems.org/
  remote: http://gems.github.com/
  specs:
    actionmailer (2.3.10)
      actionpack (= 2.3.10)
    actionpack (2.3.10)
      activesupport (= 2.3.10)
      rack (~> 1.1.0)
    activerecord (2.3.10)
      activesupport (= 2.3.10)
    activeresource (2.3.10)
      activesupport (= 2.3.10)
    activesupport (2.3.10)
    haml (3.0.24)
    justinfrench-formtastic (0.2.4)
    mbleigh-seed-fu (1.2.1)
      rails (>= 2.1)
    peterpunk-mhash (0.0.8)
    pluginaweek-state_machine (0.8.0)
    rack (1.1.0)
    rails (2.3.10)
      actionmailer (= 2.3.10)
      actionpack (= 2.3.10)
      activerecord (= 2.3.10)
      activeresource (= 2.3.10)
      activesupport (= 2.3.10)
      rake (>= 0.8.3)
    rake (0.8.7)
    sqlite3-ruby (1.3.2)
    thoughtbot-clearance (0.7.0)

PLATFORMS
  ruby

DEPENDENCIES
  haml (= 3.0.24)
  justinfrench-formtastic (= 0.2.4)
  mbleigh-seed-fu (= 1.2.1)
  peterpunk-mhash (= 0.0.8)
  pluginaweek-state_machine (= 0.8.0)
  rails (= 2.3.10)
  sqlite3-ruby (= 1.3.2)
  thoughtbot-clearance (= 0.7.0)
