GEM
  remote: http://rubygems.org/
  remote: http://gems.github.com/
  specs:
    actionmailer (2.3.10)
      actionpack (= 2.3.10)
    actionpack (2.3.10)
      activesupport (= 2.3.10)
      rack (~> 1.1.0)
    activerecord (2.3.10)
      activesupport (= 2.3.10)
    activeresource (2.3.10)
      activesupport (= 2.3.10)
    activesupport (2.3.10)
    formtastic (1.2.2)
      actionpack (>= 2.3.7)
      activesupport (>= 2.3.7)
      i18n (>= 0.4.0)
    haml (3.0.24)
    i18n (0.5.0)
    mbleigh-seed-fu (1.2.1)
      rails (>= 2.1)
    peterpunk-mhash (0.0.8)
    rack (1.1.0)
    rails (2.3.10)
      actionmailer (= 2.3.10)
      actionpack (= 2.3.10)
      activerecord (= 2.3.10)
      activeresource (= 2.3.10)
      activesupport (= 2.3.10)
      rake (>= 0.8.3)
    rake (0.8.7)
    sqlite3-ruby (1.3.2)
    state_machine (0.9.4)
    thoughtbot-clearance (0.7.0)

PLATFORMS
  ruby

DEPENDENCIES
  formtastic
  haml (= 3.0.24)
  mbleigh-seed-fu (= 1.2.1)
  peterpunk-mhash (= 0.0.8)
  rails (= 2.3.10)
  sqlite3-ruby (= 1.3.2)
  state_machine (= 0.9.4)
  thoughtbot-clearance (= 0.7.0)
