GEM
  remote: http://rubygems.org/
  remote: http://gems.github.com/
  specs:
    actionmailer (2.3.10)
      actionpack (= 2.3.10)
    actionpack (2.3.10)
      activesupport (= 2.3.10)
      rack (~> 1.1.0)
    activerecord (2.3.10)
      activesupport (= 2.3.10)
    activeresource (2.3.10)
      activesupport (= 2.3.10)
    activesupport (2.3.10)
    devise (1.0.9)
      warden (~> 0.10.3)
    formtastic (1.2.2)
      actionpack (>= 2.3.7)
      activesupport (>= 2.3.7)
      i18n (>= 0.4.0)
    haml (3.0.24)
    i18n (0.5.0)
    peterpunk-mhash (0.0.8)
    rack (1.1.0)
    rails (2.3.10)
      actionmailer (= 2.3.10)
      actionpack (= 2.3.10)
      activerecord (= 2.3.10)
      activeresource (= 2.3.10)
      activesupport (= 2.3.10)
      rake (>= 0.8.3)
    rake (0.8.7)
    seed-fu (1.2.3)
      rails (>= 2.1)
    sqlite3-ruby (1.3.2)
    state_machine (0.9.4)
    warden (0.10.7)
      rack (>= 1.0.0)

PLATFORMS
  ruby

DEPENDENCIES
  devise (= 1.0.9)
  formtastic (= 1.2.2)
  haml (= 3.0.24)
  peterpunk-mhash (= 0.0.8)
  rails (= 2.3.10)
  seed-fu (= 1.2.3)
  sqlite3-ruby (= 1.3.2)
  state_machine (= 0.9.4)
